NUGET
  remote: https://www.nuget.org/api/v2
    FAKE (4.46)
    Microsoft.Bcl (1.1.10) - framework: net10, net11, net20, net30, net35, net40, net40-full
      Microsoft.Bcl.Build (>= 1.0.14)
    Microsoft.Bcl.Build (1.0.21) - import_targets: false, framework: net10, net11, net20, net30, net35, net40, net40-full
    Microsoft.Net.Http (2.2.29) - framework: net10, net11, net20, net30, net35, net40, net40-full
      Microsoft.Bcl (>= 1.1.10)
      Microsoft.Bcl.Build (>= 1.0.14)
    Node.js (5.3)
    Npm.js (2.13.1)
      Node.js (>= 0.12.7)
    Octokit (0.23)
      Microsoft.Net.Http  - framework: net10, net11, net20, net30, net35, net40, net40-full
GIT
  remote: git@github.com:ionide/ionide-fsgrammar.git
     (d407a340fee34ba94a30b57ee692e66c01b9accc)
GITHUB
  remote: fsharp/FAKE
    modules/Octokit/Octokit.fsx (1007029093164e0cde8dd6a1a12c0d81447b7ee8)
      Octokit (>= 0.20)
  remote: Ionide/ionide-vscode-helpers
    Fable.Import.VSCode.fs (acb324dcf319060bd54a91f9af1cfdc67facff88)
    Helpers.fs (acb324dcf319060bd54a91f9af1cfdc67facff88)